GIT
  remote: git://github.com/spohlenz/tinymce-rails.git
  revision: 2634cb6b3b2b7886399cc5d21bcc1dd254634990
  specs:
    tinymce-rails (5.6.2.1)
      railties (>= 3.1.1)

GIT
  remote: https://github.com/adamtao/will_paginate_infinite.git
  revision: 181d8bb4c1cbba07ef6b6120bb48f4c42f4c11a1
  branch: master
  specs:
    will_paginate_infinite (0.1.5)
      will_paginate (>= 3.1.0)

GEM
  remote: https://rubygems.org/
  specs:
    RedCloth (4.3.2)
    actioncable (6.1.2.1)
      actionpack (= 6.1.2.1)
      activesupport (= 6.1.2.1)
      nio4r (~> 2.0)
      websocket-driver (>= 0.6.1)
    actionmailbox (6.1.2.1)
      actionpack (= 6.1.2.1)
      activejob (= 6.1.2.1)
      activerecord (= 6.1.2.1)
      activestorage (= 6.1.2.1)
      activesupport (= 6.1.2.1)
      mail (>= 2.7.1)
    actionmailer (6.1.2.1)
      actionpack (= 6.1.2.1)
      actionview (= 6.1.2.1)
      activejob (= 6.1.2.1)
      activesupport (= 6.1.2.1)
      mail (~> 2.5, >= 2.5.4)
      rails-dom-testing (~> 2.0)
    actionpack (6.1.2.1)
      actionview (= 6.1.2.1)
      activesupport (= 6.1.2.1)
      rack (~> 2.0, >= 2.0.9)
      rack-test (>= 0.6.3)
      rails-dom-testing (~> 2.0)
      rails-html-sanitizer (~> 1.0, >= 1.2.0)
    actiontext (6.1.2.1)
      actionpack (= 6.1.2.1)
      activerecord (= 6.1.2.1)
      activestorage (= 6.1.2.1)
      activesupport (= 6.1.2.1)
      nokogiri (>= 1.8.5)
    actionview (6.1.2.1)
      activesupport (= 6.1.2.1)
      builder (~> 3.1)
      erubi (~> 1.4)
      rails-dom-testing (~> 2.0)
      rails-html-sanitizer (~> 1.1, >= 1.2.0)
    active_model_serializers (0.10.12)
      actionpack (>= 4.1, < 6.2)
      activemodel (>= 4.1, < 6.2)
      case_transform (>= 0.2)
      jsonapi-renderer (>= 0.1.1.beta1, < 0.3)
    activeadmin (2.9.0)
      arbre (~> 1.2, >= 1.2.1)
      formtastic (>= 3.1, < 5.0)
      formtastic_i18n (~> 0.4)
      inherited_resources (~> 1.7)
      jquery-rails (~> 4.2)
      kaminari (~> 1.0, >= 1.2.1)
      railties (>= 5.2, < 6.2)
      ransack (~> 2.1, >= 2.1.1)
    activeadmin-sortable (0.0.3)
      activeadmin (>= 0.4)
    activejob (6.1.2.1)
      activesupport (= 6.1.2.1)
      globalid (>= 0.3.6)
    activemodel (6.1.2.1)
      activesupport (= 6.1.2.1)
    activerecord (6.1.2.1)
      activemodel (= 6.1.2.1)
      activesupport (= 6.1.2.1)
    activestorage (6.1.2.1)
      actionpack (= 6.1.2.1)
      activejob (= 6.1.2.1)
      activerecord (= 6.1.2.1)
      activesupport (= 6.1.2.1)
      marcel (~> 0.3.1)
      mimemagic (~> 0.3.2)
    activesupport (6.1.2.1)
      concurrent-ruby (~> 1.0, >= 1.0.2)
      i18n (>= 1.6, < 2)
      minitest (>= 5.1)
      tzinfo (~> 2.0)
      zeitwerk (~> 2.3)
    acts-as-taggable-on (7.0.0)
      activerecord (>= 5.0, < 6.2)
    acts_as_list (1.0.3)
      activerecord (>= 4.2)
    acts_as_tree (2.9.1)
      activerecord (>= 3.0.0)
    addressable (2.7.0)
      public_suffix (>= 2.0.2, < 5.0)
    airbrussh (1.4.0)
      sshkit (>= 1.6.1, != 1.7.0)
    arbre (1.4.0)
      activesupport (>= 3.0.0, < 6.2)
      ruby2_keywords (>= 0.0.2, < 1.0)
    awesome_print (1.8.0)
    bcrypt (3.1.16)
    bootsnap (1.7.2)
      msgpack (~> 1.0)
    bower-rails (0.12.0)
    builder (3.2.4)
    bumbler (0.8.0)
    byebug (11.1.3)
    capistrano (3.15.0)
      airbrussh (>= 1.0.0)
      i18n
      rake (>= 10.0.0)
      sshkit (>= 1.9.0)
    capistrano-bundler (2.0.1)
      capistrano (~> 3.1)
    capistrano-passenger (0.2.0)
      capistrano (~> 3.0)
    capistrano-rails (1.6.1)
      capistrano (~> 3.1)
      capistrano-bundler (>= 1.1, < 3)
    capistrano3-delayed-job (1.7.6)
      capistrano (~> 3.0, >= 3.0.0)
      daemons (~> 1.3)
    capybara (3.35.3)
      addressable
      mini_mime (>= 0.1.3)
      nokogiri (~> 1.8)
      rack (>= 1.6.0)
      rack-test (>= 0.6.3)
      regexp_parser (>= 1.5, < 3.0)
      xpath (~> 3.2)
    case_transform (0.2)
      activesupport
    childprocess (3.0.0)
    choice (0.2.0)
    chosen-rails (1.9.0)
      coffee-rails (>= 3.2)
      railties (>= 3.0)
      sassc-rails (>= 2.1.2)
    climate_control (0.2.0)
    coderay (1.1.3)
    coffee-rails (5.0.0)
      coffee-script (>= 2.2.0)
      railties (>= 5.2.0)
    coffee-script (2.4.1)
      coffee-script-source
      execjs
    coffee-script-source (1.12.2)
    colorize (0.8.1)
    concurrent-ruby (1.1.8)
    countries (3.0.1)
      i18n_data (~> 0.10.0)
      sixarm_ruby_unaccent (~> 1.1)
      unicode_utils (~> 1.4)
    country_select (4.0.0)
      countries (~> 3.0)
      sort_alphabetical (~> 1.0)
    crass (1.0.6)
    daemons (1.3.1)
    dalli (2.7.11)
    database_cleaner (2.0.1)
      database_cleaner-active_record (~> 2.0.0)
    database_cleaner-active_record (2.0.0)
      activerecord (>= 5.a)
      database_cleaner-core (~> 2.0.0)
    database_cleaner-core (2.0.1)
    delayed_job (4.1.9)
      activesupport (>= 3.0, < 6.2)
    delayed_job_active_record (4.1.5)
      activerecord (>= 3.0, < 6.2)
      delayed_job (>= 3.0, < 5)
    devise (4.7.3)
      bcrypt (~> 3.0)
      orm_adapter (~> 0.1)
      railties (>= 4.1.0)
      responders
      warden (~> 1.2.3)
    diff-lcs (1.4.4)
    docile (1.3.5)
    domain_name (0.5.20190701)
      unf (>= 0.0.5, < 1.0.0)
    email_validator (2.2.2)
      activemodel
    erubi (1.10.0)
    exception_notification (4.4.3)
      actionmailer (>= 4.0, < 7)
      activesupport (>= 4.0, < 7)
    excon (0.79.0)
    execjs (2.7.0)
    factory_bot (6.1.0)
      activesupport (>= 5.0.0)
    factory_bot_rails (6.1.0)
      factory_bot (~> 6.1.0)
      railties (>= 5.0.0)
    faker (2.16.0)
      i18n (>= 1.6, < 2)
    faraday (1.3.0)
      faraday-net_http (~> 1.0)
      multipart-post (>= 1.2, < 3)
      ruby2_keywords
    faraday-net_http (1.0.1)
    faraday_middleware (1.0.0)
      faraday (~> 1.0)
    ffi (1.14.2)
    figaro (1.2.0)
      thor (>= 0.14.0, < 2)
    fog-core (2.1.0)
      builder
      excon (~> 0.58)
      formatador (~> 0.2)
      mime-types
    fog-json (1.2.0)
      fog-core
      multi_json (~> 1.10)
    fog-rackspace (0.1.6)
      fog-core (>= 1.35)
      fog-json (>= 1.0)
      fog-xml (>= 0.1)
      ipaddress (>= 0.8)
    fog-xml (0.1.3)
      fog-core
      nokogiri (>= 1.5.11, < 2.0.0)
    font_awesome5_rails (1.3.0)
      railties (>= 4.2)
    formatador (0.2.5)
    formtastic (4.0.0)
      actionpack (>= 5.2.0)
    formtastic_i18n (0.6.0)
    foundation-rails (5.5.3.2)
      railties (>= 3.1.0)
      sass (>= 3.3.0, < 3.5)
    friendly_id (5.4.2)
      activerecord (>= 4.0.0)
    friendly_id-globalize (1.0.0.alpha3)
      friendly_id (>= 5.2.0, < 6.0)
    geolite2_city (2019.08.07)
    globalid (0.4.2)
      activesupport (>= 4.2.0)
    globalize (6.0.0)
      activemodel (>= 4.2, < 7.0)
      activerecord (>= 4.2, < 7.0)
      request_store (~> 1.0)
    goacoustic (0.1.2)
      addressable (~> 2.7)
      builder (~> 3.2)
      faraday (~> 1.0)
      faraday_middleware (~> 1.0)
      hashie (~> 4.0)
      multi_xml (~> 0.6)
    guard (2.16.2)
      formatador (>= 0.2.4)
      listen (>= 2.7, < 4.0)
      lumberjack (>= 1.0.12, < 2.0)
      nenv (~> 0.1)
      notiffany (~> 0.0)
      pry (>= 0.9.12)
      shellany (~> 0.0)
      thor (>= 0.18.1)
    guard-bundler (3.0.0)
      bundler (>= 2.1, < 3)
      guard (~> 2.2)
      guard-compat (~> 1.1)
    guard-compat (1.2.1)
    guard-rails (0.8.1)
      guard (~> 2.11)
      guard-compat (~> 1.0)
    guard-rspec (4.7.3)
      guard (~> 2.1)
      guard-compat (~> 1.1)
      rspec (>= 2.99.0, < 4.0)
    has_scope (0.8.0)
      actionpack (>= 5.2)
      activesupport (>= 5.2)
    hashie (4.1.0)
    http-accept (1.7.0)
    http-cookie (1.0.3)
      domain_name (~> 0.5)
    http_accept_language (2.1.1)
    httparty (0.18.1)
      mime-types (~> 3.0)
      multi_xml (>= 0.5.2)
    i18n (1.8.9)
      concurrent-ruby (~> 1.0)
    i18n_data (0.10.0)
    inherited_resources (1.12.0)
      actionpack (>= 5.2, < 6.2)
      has_scope (~> 0.6)
      railties (>= 5.2, < 6.2)
      responders (>= 2, < 4)
    innertube (1.1.0)
    ipaddress (0.8.3)
    jasmine-core (3.6.0)
    jasmine-rails (0.15.0)
      jasmine-core (>= 1.3, < 4.0)
      phantomjs (>= 1.9)
      railties (>= 3.2.0)
      sprockets-rails
    jbuilder (2.11.2)
      activesupport (>= 5.0.0)
    joiner (0.6.0)
      activerecord (>= 6.1.0)
    jquery-rails (4.4.0)
      rails-dom-testing (>= 1, < 3)
      railties (>= 4.2.0)
      thor (>= 0.14, < 2.0)
    jquery-ui-rails (5.0.5)
      railties (>= 3.2.16)
    json (2.5.1)
    json-schema (2.8.1)
      addressable (>= 2.4)
    jsonapi-renderer (0.2.2)
    jwt (2.2.2)
    kaminari (1.2.1)
      activesupport (>= 4.1.0)
      kaminari-actionview (= 1.2.1)
      kaminari-activerecord (= 1.2.1)
      kaminari-core (= 1.2.1)
    kaminari-actionview (1.2.1)
      actionview
      kaminari-core (= 1.2.1)
    kaminari-activerecord (1.2.1)
      activerecord
      kaminari-core (= 1.2.1)
    kaminari-core (1.2.1)
    launchy (2.5.0)
      addressable (~> 2.7)
    lazyload-rails (0.5.0)
      nokogiri (~> 1.5)
    letter_opener (1.7.0)
      launchy (~> 2.2)
    listen (3.4.1)
      rb-fsevent (~> 0.10, >= 0.10.3)
      rb-inotify (~> 0.9, >= 0.9.10)
    loofah (2.9.0)
      crass (~> 1.0.2)
      nokogiri (>= 1.5.9)
    lumberjack (1.2.8)
    mail (2.7.1)
      mini_mime (>= 0.1.1)
    mailgun_rails (0.9.0)
      actionmailer (>= 3.2.13)
      json (>= 1.7.7)
      rest-client (>= 1.6.7)
    marcel (0.3.3)
      mimemagic (~> 0.3.2)
    maxminddb (0.1.22)
    method_source (1.0.0)
    middleware (0.1.0)
    mime-types (3.3.1)
      mime-types-data (~> 3.2015)
    mime-types-data (3.2021.0212)
    mimemagic (0.3.5)
    mini_mime (1.0.2)
    mini_portile2 (2.5.0)
    minitest (5.14.3)
    msgpack (1.4.2)
    multi_json (1.15.0)
    multi_xml (0.6.0)
    multipart-post (2.1.1)
    mysql2 (0.5.3)
    nenv (0.3.0)
    net-scp (3.0.0)
      net-ssh (>= 2.6.5, < 7.0.0)
    net-ssh (6.1.0)
    netrc (0.11.0)
    nio4r (2.5.5)
    nokogiri (1.11.1)
      mini_portile2 (~> 2.5.0)
      racc (~> 1.4)
    notiffany (0.1.3)
      nenv (~> 0.1)
      shellany (~> 0.0)
    oauth2 (1.4.4)
      faraday (>= 0.8, < 2.0)
      jwt (>= 1.0, < 3.0)
      multi_json (~> 1.3)
      multi_xml (~> 0.5)
      rack (>= 1.2, < 3)
    orm_adapter (0.5.0)
    os (1.0.1)
    paperclip (6.1.0)
      activemodel (>= 4.2.0)
      activesupport (>= 4.2.0)
      mime-types
      mimemagic (~> 0.3.0)
      terrapin (~> 0.6.0)
    paperclip-compression (1.1.1)
      os (~> 1.0.0)
      paperclip (>= 5.2.1)
    phantomjs (2.1.1.0)
    pry (0.13.1)
      coderay (~> 1.1)
      method_source (~> 1.0)
    pry-byebug (3.9.0)
      byebug (~> 11.0)
      pry (~> 0.13.0)
    public_suffix (4.0.6)
    pundit (2.1.0)
      activesupport (>= 3.0.0)
    racc (1.5.2)
    rack (2.2.3)
    rack-test (1.1.0)
      rack (>= 1.0, < 3)
    rails (6.1.2.1)
      actioncable (= 6.1.2.1)
      actionmailbox (= 6.1.2.1)
      actionmailer (= 6.1.2.1)
      actionpack (= 6.1.2.1)
      actiontext (= 6.1.2.1)
      actionview (= 6.1.2.1)
      activejob (= 6.1.2.1)
      activemodel (= 6.1.2.1)
      activerecord (= 6.1.2.1)
      activestorage (= 6.1.2.1)
      activesupport (= 6.1.2.1)
      bundler (>= 1.15.0)
      railties (= 6.1.2.1)
      sprockets-rails (>= 2.0.0)
    rails-dom-testing (2.0.3)
      activesupport (>= 4.2.0)
      nokogiri (>= 1.6)
    rails-erd (1.6.0)
      activerecord (>= 4.2)
      activesupport (>= 4.2)
      choice (~> 0.2.0)
      ruby-graphviz (~> 1.2)
    rails-html-sanitizer (1.3.0)
      loofah (~> 2.3)
    rails-i18n (6.0.0)
      i18n (>= 0.7, < 2)
      railties (>= 6.0.0, < 7)
    rails_autolink (1.1.6)
      rails (> 3.1)
    railties (6.1.2.1)
      actionpack (= 6.1.2.1)
      activesupport (= 6.1.2.1)
      method_source
      rake (>= 0.8.7)
      thor (~> 1.0)
    rake (13.0.3)
    ransack (2.4.2)
      activerecord (>= 5.2.4)
      activesupport (>= 5.2.4)
      i18n
    rb-fchange (0.0.6)
      ffi
    rb-fsevent (0.10.4)
    rb-inotify (0.10.1)
      ffi (~> 1.0)
    recaptcha (5.7.0)
      json
    regexp_parser (2.0.3)
    request_store (1.5.0)
      rack (>= 1.4)
    responders (3.0.1)
      actionpack (>= 5.0)
      railties (>= 5.0)
    rest-client (2.1.0)
      http-accept (>= 1.7.0, < 2.0)
      http-cookie (>= 1.0.2, < 2.0)
      mime-types (>= 1.16, < 4.0)
      netrc (~> 0.8)
    rexml (3.2.4)
    riddle (2.4.2)
    rspec (3.10.0)
      rspec-core (~> 3.10.0)
      rspec-expectations (~> 3.10.0)
      rspec-mocks (~> 3.10.0)
    rspec-core (3.10.1)
      rspec-support (~> 3.10.0)
    rspec-expectations (3.10.1)
      diff-lcs (>= 1.2.0, < 2.0)
      rspec-support (~> 3.10.0)
    rspec-mocks (3.10.2)
      diff-lcs (>= 1.2.0, < 2.0)
      rspec-support (~> 3.10.0)
    rspec-rails (4.0.2)
      actionpack (>= 4.2)
      activesupport (>= 4.2)
      railties (>= 4.2)
      rspec-core (~> 3.10)
      rspec-expectations (~> 3.10)
      rspec-mocks (~> 3.10)
      rspec-support (~> 3.10)
    rspec-support (3.10.2)
    ruby-graphviz (1.2.5)
      rexml
    ruby2_keywords (0.0.4)
    rubyzip (2.3.0)
    sass (3.4.25)
    sass-rails (6.0.0)
      sassc-rails (~> 2.1, >= 2.1.1)
    sassc (2.4.0)
      ffi (~> 1.9)
    sassc-rails (2.1.2)
      railties (>= 4.0.0)
      sassc (>= 2.0)
      sprockets (> 3.0)
      sprockets-rails
      tilt
    selenium-webdriver (3.142.7)
      childprocess (>= 0.5, < 4.0)
      rubyzip (>= 1.2.2)
    shellany (0.0.1)
    simple_form (5.1.0)
      actionpack (>= 5.2)
      activemodel (>= 5.2)
    simplecov (0.21.2)
      docile (~> 1.1)
      simplecov-html (~> 0.11)
      simplecov_json_formatter (~> 0.1)
    simplecov-html (0.12.3)
    simplecov_json_formatter (0.1.2)
    sixarm_ruby_unaccent (1.2.0)
    sort_alphabetical (1.1.0)
      unicode_utils (>= 1.2.2)
    spring (2.1.1)
    sprockets (4.0.2)
      concurrent-ruby (~> 1.0)
      rack (> 1, < 3)
    sprockets-rails (3.2.2)
      actionpack (>= 4.0)
      activesupport (>= 4.0)
      sprockets (>= 3.0.0)
    sshkit (1.21.2)
      net-scp (>= 1.1.2)
      net-ssh (>= 2.8.0)
    terrapin (0.6.0)
      climate_control (>= 0.0.3, < 1.0)
    thinking-sphinx (4.0.0)
      activerecord (>= 3.1.0)
      builder (>= 2.1.2)
      innertube (>= 1.0.2)
      joiner (>= 0.2.0)
      middleware (>= 0.1.0)
      riddle (~> 2.3)
    thor (1.1.0)
    tilt (2.0.10)
    tzinfo (2.0.4)
      concurrent-ruby (~> 1.0)
    uglifier (4.2.0)
      execjs (>= 0.3.0, < 3)
    unf (0.1.4)
      unf_ext
    unf_ext (0.0.7.7)
    unicode_utils (1.4.0)
    warden (1.2.9)
      rack (>= 2.0.9)
    webdrivers (4.5.0)
      nokogiri (~> 1.6)
      rubyzip (>= 1.3.0)
      selenium-webdriver (>= 3.0, < 4.0)
    websocket-driver (0.7.3)
      websocket-extensions (>= 0.1.0)
    websocket-extensions (0.1.5)
    will_paginate (3.3.0)
    xpath (3.2.0)
      nokogiri (~> 1.8)
    zeitwerk (2.4.2)

PLATFORMS
  ruby

DEPENDENCIES
  RedCloth
  active_model_serializers
  activeadmin
  activeadmin-sortable
  acts-as-taggable-on
  acts_as_list
  acts_as_tree
  awesome_print
  bootsnap
  bower-rails
  bumbler
  capistrano
  capistrano-bundler
  capistrano-passenger
  capistrano-rails
  capistrano3-delayed-job (~> 1.0)
  capybara
  chosen-rails
  coffee-rails
  colorize
  country_select
  daemons
  dalli
  database_cleaner
  delayed_job_active_record
  devise
  email_validator
  exception_notification
  factory_bot_rails
  faker
  figaro
  fog-core (< 2.1.1)
  fog-rackspace
  font_awesome5_rails
  foundation-rails (~> 5.5)
  friendly_id (>= 5.2)
  friendly_id-globalize
  geolite2_city
  globalize
  goacoustic
  guard-bundler
  guard-rails
  guard-rspec
  http_accept_language
  httparty
  inherited_resources
  jasmine-rails
  jbuilder (~> 2.0)
  jquery-rails
  jquery-ui-rails (~> 5.0)
  json-schema
  kaminari
  launchy
  lazyload-rails
  letter_opener
  mailgun_rails
  maxminddb
  mysql2
  nokogiri
  oauth2
  paperclip
  paperclip-compression
  pry-byebug
  pundit
  rails (~> 6.1)
  rails-erd
  rails-i18n
  rails_autolink
  ransack
  rb-fchange
  rb-fsevent
  rb-inotify
  recaptcha
  rspec-rails
  sass-rails
  simple_form (>= 5.0.0)
  simplecov
  spring
  sprockets (~> 4.0)
  sshkit
  thinking-sphinx (~> 4.0.0)
  tinymce-rails!
  uglifier (>= 1.3.0)
  webdrivers
  will_paginate
  will_paginate_infinite!

BUNDLED WITH
   2.1.4
